PATH
  remote: /home/makevoid/apps/redijson_models
  specs:
    redijson_models (0.7.0)
      dry-inflector (~> 0.2.0)
      oj (~> 3.10.6)
      redis (~> 3.3.0)
      rejson-rb (~> 1.0.0)
      virtus (~> 1.0.5)

GEM
  remote: https://rubygems.org/
  specs:
    axiom-types (0.1.1)
      descendants_tracker (~> 0.0.4)
      ice_nine (~> 0.11.0)
      thread_safe (~> 0.3, >= 0.3.1)
    coercible (1.0.0)
      descendants_tracker (~> 0.0.1)
    descendants_tracker (0.0.4)
      thread_safe (~> 0.3, >= 0.3.1)
    dry-inflector (0.2.0)
    equalizer (0.0.11)
    ice_nine (0.11.2)
    json (2.3.0)
    oj (3.10.6)
    redis (3.3.5)
    rejson-rb (1.0.0)
      json (~> 2.0)
      redis (~> 3.0)
    thread_safe (0.3.6)
    virtus (1.0.5)
      axiom-types (~> 0.1)
      coercible (~> 1.0)
      descendants_tracker (~> 0.0, >= 0.0.3)
      equalizer (~> 0.0, >= 0.0.9)

PLATFORMS
  ruby

DEPENDENCIES
  redijson_models!
  redis

BUNDLED WITH
   2.1.4
